GEM
  remote: https://rubygems.org/
  specs:
    active_support (3.0.0)
      activesupport (= 3.0.0)
    activesupport (3.0.0)
    amatch (0.2.11)
      tins (~> 0.3)
    base62 (0.1.4)
    capistrano (2.14.2)
      highline
      net-scp (>= 1.0.0)
      net-sftp (>= 2.0.0)
      net-ssh (>= 2.0.14)
      net-ssh-gateway (>= 1.1.0)
    capistrano-ext (1.2.1)
      capistrano (>= 1.0.0)
    daemon_controller (1.1.7)
    dalli (2.6.4)
    faraday (0.8.8)
      multipart-post (~> 1.2.0)
    highline (1.6.20)
    i18n (0.6.5)
    logger (1.2.8)
    multipart-post (1.2.0)
    net-scp (1.1.2)
      net-ssh (>= 2.6.5)
    net-sftp (2.1.2)
      net-ssh (>= 2.6.5)
    net-ssh (2.7.0)
    net-ssh-gateway (1.2.0)
      net-ssh (>= 2.6.5)
    passenger (4.0.23)
      daemon_controller (>= 1.1.0)
      rack
      rake (>= 0.8.1)
    pg (0.17.0)
    rack (1.5.2)
    rack-protection (1.5.1)
      rack
    rack-test (0.6.2)
      rack (>= 1.0)
    racksh (1.0.0)
      rack (>= 1.0)
      rack-test (>= 0.5)
    rake (10.1.0)
    rgeo (0.3.20)
    rgeo-geojson (0.2.3)
      rgeo (>= 0.3.7)
    rvm-capistrano (1.4.1)
      capistrano (>= 2.0.0)
    sequel (4.4.0)
    sinatra (1.4.4)
      rack (~> 1.4)
      rack-protection (~> 1.4)
      tilt (~> 1.3, >= 1.3.4)
    sinatra-sequel (0.9.0)
      sequel (>= 3.2.0)
      sinatra (>= 0.9.4)
    stringex (2.1.0)
    tilt (1.4.1)
    tins (0.13.0)
    yajl-ruby (1.1.0)

PLATFORMS
  ruby

DEPENDENCIES
  active_support
  amatch
  base62
  capistrano (~> 2.14.1)
  capistrano-ext (~> 1.2.1)
  dalli
  faraday
  i18n
  logger
  passenger (~> 4.0.23)
  pg
  racksh
  rgeo
  rgeo-geojson
  rvm-capistrano
  sequel
  sinatra
  sinatra-sequel
  stringex
  yajl-ruby
